GIT
  remote: https://github.com/capistrano/rbenv
  revision: 65db3295752d079bf8cf874dab36b16ab45454b7
  specs:
    capistrano-rbenv (2.1.1)
      capistrano (~> 3.1)
      sshkit (~> 1.3)

GIT
  remote: https://github.com/monster-media/mongoid-enum
  revision: 270323f3d71d837e04e55a0cae83b537722819b9
  specs:
    mongoid-enum (0.4.0)
      mongoid (>= 6.0.0.beta)

GIT
  remote: https://github.com/nonmadden/json
  revision: c7a6e31f3abde6efbf0629dea68b43bebb62c94a
  branch: v1.8
  specs:
    json (1.8.5)

GIT
  remote: https://github.com/rails/rails.git
  revision: f138ffab130488348cc41cba1bceba9535141373
  specs:
    actioncable (5.2.0.alpha)
      actionpack (= 5.2.0.alpha)
      nio4r (~> 2.0)
      websocket-driver (~> 0.6.1)
    actionmailer (5.2.0.alpha)
      actionpack (= 5.2.0.alpha)
      actionview (= 5.2.0.alpha)
      activejob (= 5.2.0.alpha)
      mail (~> 2.5, >= 2.5.4)
      rails-dom-testing (~> 2.0)
    actionpack (5.2.0.alpha)
      actionview (= 5.2.0.alpha)
      activesupport (= 5.2.0.alpha)
      rack (~> 2.0)
      rack-test (~> 0.6.3)
      rails-dom-testing (~> 2.0)
      rails-html-sanitizer (~> 1.0, >= 1.0.2)
    actionview (5.2.0.alpha)
      activesupport (= 5.2.0.alpha)
      builder (~> 3.1)
      erubi (~> 1.4)
      rails-dom-testing (~> 2.0)
      rails-html-sanitizer (~> 1.0, >= 1.0.3)
    activejob (5.2.0.alpha)
      activesupport (= 5.2.0.alpha)
      globalid (>= 0.3.6)
    activemodel (5.2.0.alpha)
      activesupport (= 5.2.0.alpha)
    activerecord (5.2.0.alpha)
      activemodel (= 5.2.0.alpha)
      activesupport (= 5.2.0.alpha)
      arel (~> 8.0)
    activesupport (5.2.0.alpha)
      concurrent-ruby (~> 1.0, >= 1.0.2)
      i18n (~> 0.7)
      minitest (~> 5.1)
      tzinfo (~> 1.1)
    rails (5.2.0.alpha)
      actioncable (= 5.2.0.alpha)
      actionmailer (= 5.2.0.alpha)
      actionpack (= 5.2.0.alpha)
      actionview (= 5.2.0.alpha)
      activejob (= 5.2.0.alpha)
      activemodel (= 5.2.0.alpha)
      activerecord (= 5.2.0.alpha)
      activesupport (= 5.2.0.alpha)
      bundler (>= 1.3.0, < 2.0)
      railties (= 5.2.0.alpha)
      sprockets-rails (>= 2.0.0)
    railties (5.2.0.alpha)
      actionpack (= 5.2.0.alpha)
      activesupport (= 5.2.0.alpha)
      method_source
      rake (>= 0.8.7)
      thor (>= 0.18.1, < 2.0)

GIT
  remote: https://github.com/rspec/rspec-core.git
  revision: 267622677a0516d7f97a92ce40eb05342bdcb71a
  branch: master
  specs:
    rspec-core (3.7.0.pre)
      rspec-support (= 3.7.0.pre)

GIT
  remote: https://github.com/rspec/rspec-expectations.git
  revision: 8c1e0e419125fe2cb1ddc8932c163dbc70e70668
  branch: master
  specs:
    rspec-expectations (3.7.0.pre)
      diff-lcs (>= 1.2.0, < 2.0)
      rspec-support (= 3.7.0.pre)

GIT
  remote: https://github.com/rspec/rspec-mocks.git
  revision: 38015e1aa82bd418581db5df565ef369d43b16ad
  branch: master
  specs:
    rspec-mocks (3.7.0.pre)
      diff-lcs (>= 1.2.0, < 2.0)
      rspec-support (= 3.7.0.pre)

GIT
  remote: https://github.com/rspec/rspec-rails.git
  revision: 77910f5577c3d03d7e4cc2e3ba93c64c529b1cf7
  branch: master
  specs:
    rspec-rails (3.7.0.pre)
      actionpack (>= 3.0)
      activesupport (>= 3.0)
      railties (>= 3.0)
      rspec-core (= 3.7.0.pre)
      rspec-expectations (= 3.7.0.pre)
      rspec-mocks (= 3.7.0.pre)
      rspec-support (= 3.7.0.pre)

GIT
  remote: https://github.com/rspec/rspec-support.git
  revision: abc412493345b247396ceddd3b9a6a3c7b507361
  branch: master
  specs:
    rspec-support (3.7.0.pre)

GEM
  remote: https://rubygems.org/
  remote: https://rails-assets.org/
  specs:
    active_model_serializers (0.10.6)
      actionpack (>= 4.1, < 6)
      activemodel (>= 4.1, < 6)
      case_transform (>= 0.2)
      jsonapi-renderer (>= 0.1.1.beta1, < 0.2)
    activemodel-serializers-xml (1.0.1)
      activemodel (> 5.x)
      activerecord (> 5.x)
      activesupport (> 5.x)
      builder (~> 3.1)
    addressable (2.5.1)
      public_suffix (~> 2.0, >= 2.0.2)
    airbrussh (1.3.0)
      sshkit (>= 1.6.1, != 1.7.0)
    arel (8.0.0)
    aws-sdk (2.10.4)
      aws-sdk-resources (= 2.10.4)
    aws-sdk-core (2.10.4)
      aws-sigv4 (~> 1.0)
      jmespath (~> 1.0)
    aws-sdk-resources (2.10.4)
      aws-sdk-core (= 2.10.4)
    aws-sigv4 (1.0.0)
    axiom-types (0.1.1)
      descendants_tracker (~> 0.0.4)
      ice_nine (~> 0.11.0)
      thread_safe (~> 0.3, >= 0.3.1)
    babel-source (5.8.35)
    babel-transpiler (0.7.0)
      babel-source (>= 4.0, < 6)
      execjs (~> 2.0)
    bcrypt (3.1.11)
    better_errors (2.1.1)
      coderay (>= 1.0.0)
      erubis (>= 2.6.6)
      rack (>= 0.9.0)
    bindex (0.5.0)
    binding_of_caller (0.7.2)
      debug_inspector (>= 0.0.1)
    bson (4.2.1)
    bson_ext (1.5.1)
    builder (3.2.3)
    byebug (9.0.6)
    callsite (0.0.11)
    capistrano (3.8.2)
      airbrussh (>= 1.0.0)
      i18n
      rake (>= 10.0.0)
      sshkit (>= 1.9.0)
    capistrano-bundler (1.1.4)
      capistrano (~> 3.1)
      sshkit (~> 1.2)
    capistrano-rails (1.3.0)
      capistrano (~> 3.1)
      capistrano-bundler (~> 1.1)
    capybara (2.13.0)
      addressable
      mime-types (>= 1.16)
      nokogiri (>= 1.3.3)
      rack (>= 1.0.0)
      rack-test (>= 0.5.4)
      xpath (~> 2.0)
    capybara-webkit (1.14.0)
      capybara (>= 2.3.0, < 2.14.0)
      json
    case_transform (0.2)
      activesupport
    climate_control (0.2.0)
    cliver (0.3.2)
    cocaine (0.5.8)
      climate_control (>= 0.0.3, < 1.0)
    coderay (1.1.1)
    coercible (1.0.0)
      descendants_tracker (~> 0.0.1)
    coffee-rails (4.2.2)
      coffee-script (>= 2.2.0)
      railties (>= 4.0.0)
    coffee-script (2.4.1)
      coffee-script-source
      execjs
    coffee-script-source (1.12.2)
    concurrent-ruby (1.0.5)
    connection_pool (2.2.1)
    database_cleaner (1.6.1)
    debug_inspector (0.0.3)
    declarative (0.0.9)
    declarative-option (0.1.0)
    descendants_tracker (0.0.4)
      thread_safe (~> 0.3, >= 0.3.1)
    devise (4.3.0)
      bcrypt (~> 3.0)
      orm_adapter (~> 0.1)
      railties (>= 4.1.0, < 5.2)
      responders
      warden (~> 1.2.3)
    diff-lcs (1.3)
    docile (1.1.5)
    easy_diff (1.0.0)
    equalizer (0.0.11)
    erubi (1.6.1)
    erubis (2.7.0)
    et-orbi (1.0.5)
      tzinfo
    execjs (2.7.0)
    factory_girl (4.8.0)
      activesupport (>= 3.0.0)
    factory_girl_rails (4.8.0)
      factory_girl (~> 4.8.0)
      railties (>= 3.0.0)
    faker (1.7.3)
      i18n (~> 0.5)
    faraday (0.12.1)
      multipart-post (>= 1.2, < 3)
    ffaker (2.6.0)
    ffi (1.9.18)
    figaro (1.1.1)
      thor (~> 0.14)
    foreman (0.84.0)
      thor (~> 0.19.1)
    globalid (0.4.0)
      activesupport (>= 4.2.0)
    grape (0.19.2)
      activesupport
      builder
      hashie (>= 2.1.0)
      multi_json (>= 1.3.2)
      multi_xml (>= 0.5.2)
      mustermann-grape (~> 1.0.0)
      rack (>= 1.3.0)
      rack-accept
      virtus (>= 1.0.0)
    grape-active_model_serializers (1.5.1)
      active_model_serializers (>= 0.10.0)
      grape (>= 0.8.0)
    grape-entity (0.6.1)
      activesupport (>= 5.0.0)
      multi_json (>= 1.3.2)
    grape-swagger (0.27.2)
      grape (>= 0.16.2)
    grape-swagger-entity (0.2.0)
      grape-entity (>= 0.5.0)
      grape-swagger (>= 0.20.4)
    grape-swagger-rails (0.3.0)
      railties (>= 3.2.12)
    grape-swagger-representable (0.1.4)
      grape-swagger (>= 0.20.4)
      representable
    hashie (3.5.1)
    hashie-forbidden_attributes (0.1.1)
      hashie (>= 3.0)
    i18n (0.8.4)
    ice_nine (0.11.2)
    jbuilder (2.7.0)
      activesupport (>= 4.2.0)
      multi_json (>= 1.2)
    jmespath (1.3.1)
    jsonapi-renderer (0.1.2)
    jwt (1.5.6)
    kaminari (1.0.1)
      activesupport (>= 4.1.0)
      kaminari-actionview (= 1.0.1)
      kaminari-activerecord (= 1.0.1)
      kaminari-core (= 1.0.1)
    kaminari-actionview (1.0.1)
      actionview
      kaminari-core (= 1.0.1)
    kaminari-activerecord (1.0.1)
      activerecord
      kaminari-core (= 1.0.1)
    kaminari-core (1.0.1)
    kaminari-mongoid (1.0.1)
      kaminari-core (~> 1.0)
      mongoid
    kgio (2.11.0)
    koala (3.0.0)
      addressable
      faraday
      json (>= 1.8)
    launchy (2.4.3)
      addressable (~> 2.3)
    libv8 (5.3.332.38.5)
    listen (3.0.8)
      rb-fsevent (~> 0.9, >= 0.9.4)
      rb-inotify (~> 0.9, >= 0.9.7)
    loofah (2.0.3)
      nokogiri (>= 1.5.9)
    mail (2.6.6)
      mime-types (>= 1.16, < 4)
    meta_request (0.4.3)
      callsite (~> 0.0, >= 0.0.11)
      rack-contrib (>= 1.1, < 3)
      railties (>= 3.0.0, < 5.2.0)
    method_source (0.8.2)
    mime-types (3.1)
      mime-types-data (~> 3.2015)
    mime-types-data (3.2016.0521)
    mimemagic (0.3.2)
    mini_portile2 (2.2.0)
    mini_racer (0.1.9)
      libv8 (~> 5.3)
    minitest (5.10.2)
    mongo (2.4.2)
      bson (>= 4.2.1, < 5.0.0)
    mongoid (6.0.3)
      activemodel (~> 5.0)
      mongo (~> 2.3)
    mongoid-compatibility (0.4.1)
      activesupport
      mongoid (>= 2.0)
    mongoid-history (0.6.1)
      activesupport
      easy_diff
      mongoid (>= 3.0)
      mongoid-compatibility
    mongoid-locker (0.3.5)
      mongoid (>= 2.8)
      mongoid-compatibility (>= 0.4.1)
    mongoid-paperclip (0.0.11)
      mongoid
      paperclip (>= 2.3.6, != 4.3.0)
    mongoid-slug (5.3.3)
      mongoid (>= 3.0)
      mongoid-compatibility
      stringex (~> 2.0)
    mongoid_rails_migrations (1.1.0)
      activesupport (>= 4.2.0)
      bundler (>= 1.0.0)
      mongoid (>= 4.0.0)
      rails (>= 4.2.0)
      railties (>= 4.2.0)
    multi_json (1.12.1)
    multi_xml (0.6.0)
    multipart-post (2.0.0)
    mustermann (1.0.0)
    mustermann-grape (1.0.0)
      mustermann (~> 1.0.0)
    net-scp (1.2.1)
      net-ssh (>= 2.6.5)
    net-ssh (4.1.0)
    nio4r (2.1.0)
    nokogiri (1.8.0)
      mini_portile2 (~> 2.2.0)
    oauth2 (1.4.0)
      faraday (>= 0.8, < 0.13)
      jwt (~> 1.0)
      multi_json (~> 1.3)
      multi_xml (~> 0.5)
      rack (>= 1.2, < 3)
    omniauth (1.6.1)
      hashie (>= 3.4.6, < 3.6.0)
      rack (>= 1.6.2, < 3)
    omniauth-facebook (4.0.0)
      omniauth-oauth2 (~> 1.2)
    omniauth-oauth2 (1.4.0)
      oauth2 (~> 1.0)
      omniauth (~> 1.2)
    open_uri_redirections (0.2.1)
    orm_adapter (0.5.0)
    paperclip (5.1.0)
      activemodel (>= 4.2.0)
      activesupport (>= 4.2.0)
      cocaine (~> 0.5.5)
      mime-types
      mimemagic (~> 0.3.0)
    pg (0.21.0)
    poltergeist (1.15.0)
      capybara (~> 2.1)
      cliver (~> 0.3.1)
      websocket-driver (>= 0.2.0)
    pry (0.10.4)
      coderay (~> 1.1.0)
      method_source (~> 0.8.1)
      slop (~> 3.4)
    pry-nav (0.2.4)
      pry (>= 0.9.10, < 0.11.0)
    pry-rails (0.3.6)
      pry (>= 0.10.4)
    pry-stack_explorer (0.4.9.2)
      binding_of_caller (>= 0.7)
      pry (>= 0.9.11)
    pry-theme (1.2.0)
      coderay (~> 1.1)
    public_suffix (2.0.5)
    puma (3.9.1)
    rack (2.0.3)
    rack-accept (0.4.5)
      rack (>= 0.4)
    rack-attack (5.0.1)
      rack
    rack-contrib (1.2.0)
      rack (>= 0.9.1)
    rack-cors (0.4.1)
    rack-protection (2.0.0)
      rack
    rack-test (0.6.3)
      rack (>= 1.0)
    rails-assets-bootstrap (2.3.2)
      rails-assets-jquery (>= 1.8.0, < 2.1.0)
    rails-assets-bootstrap-datepicker (1.7.0)
      rails-assets-jquery (>= 1.7.1, < 4.0.0)
    rails-assets-bootstrap-datetimepicker (0.0.11)
      rails-assets-bootstrap (>= 2.2.2, < 3.0)
      rails-assets-jquery (>= 1.8.3)
    rails-assets-fontawesome (4.7.0)
    rails-assets-jquery (2.0.3)
    rails-assets-jquery-ui (1.12.1)
      rails-assets-jquery (>= 1.6)
    rails-assets-jquery-ujs (1.2.2)
      rails-assets-jquery (> 1.8)
    rails-assets-moment (2.18.1)
    rails-assets-parsleyjs (2.7.2)
      rails-assets-jquery (> 1.8)
    rails-assets-slick.js (1.6.0)
      rails-assets-jquery (>= 1.7)
    rails-dom-testing (2.0.3)
      activesupport (>= 4.2.0)
      nokogiri (>= 1.6)
    rails-html-sanitizer (1.0.3)
      loofah (~> 2.0)
    rails_12factor (0.0.3)
      rails_serve_static_assets
      rails_stdout_logging
    rails_serve_static_assets (0.0.5)
    rails_stdout_logging (0.0.5)
    raindrops (0.18.0)
    rake (12.0.0)
    rb-fsevent (0.9.8)
    rb-inotify (0.9.10)
      ffi (>= 0.5.0, < 2)
    redis (3.3.3)
    redis-actionpack (5.0.1)
      actionpack (>= 4.0, < 6)
      redis-rack (>= 1, < 3)
      redis-store (>= 1.1.0, < 1.4.0)
    redis-activesupport (5.0.2)
      activesupport (>= 3, < 6)
      redis-store (~> 1.3.0)
    redis-rack (2.0.2)
      rack (>= 1.5, < 3)
      redis-store (>= 1.2, < 1.4)
    redis-rails (5.0.2)
      redis-actionpack (>= 5.0, < 6)
      redis-activesupport (>= 5.0, < 6)
      redis-store (>= 1.2, < 2)
    redis-store (1.3.0)
      redis (>= 2.2)
    representable (3.0.4)
      declarative (< 0.1.0)
      declarative-option (< 0.2.0)
      uber (< 0.2.0)
    responders (2.4.0)
      actionpack (>= 4.2.0, < 5.3)
      railties (>= 4.2.0, < 5.3)
    rollbar (2.15.0)
      multi_json
    rspec-collection_matchers (1.1.3)
      rspec-expectations (>= 2.99.0.beta1)
    rufus-scheduler (3.4.2)
      et-orbi (~> 1.0)
    sass (3.4.24)
    sass-rails (5.0.6)
      railties (>= 4.0.0, < 6)
      sass (~> 3.1)
      sprockets (>= 2.8, < 4.0)
      sprockets-rails (>= 2.0, < 4.0)
      tilt (>= 1.1, < 3)
    shoulda (3.5.0)
      shoulda-context (~> 1.0, >= 1.0.1)
      shoulda-matchers (>= 1.4.1, < 3.0)
    shoulda-context (1.2.2)
    shoulda-matchers (2.8.0)
      activesupport (>= 3.0.0)
    show_for (0.6.0)
      actionpack (>= 4.1, < 5.2)
      activemodel (>= 4.1, < 5.2)
    sidekiq (5.0.3)
      concurrent-ruby (~> 1.0)
      connection_pool (~> 2.2, >= 2.2.0)
      rack-protection (>= 1.5.0)
      redis (~> 3.3, >= 3.3.3)
    sidekiq-cron (0.6.3)
      rufus-scheduler (>= 3.3.0)
      sidekiq (>= 4.2.1)
    simple_form (3.5.0)
      actionpack (> 4, < 5.2)
      activemodel (> 4, < 5.2)
    simplecov (0.14.1)
      docile (~> 1.1.0)
      json (>= 1.8, < 3)
      simplecov-html (~> 0.10.0)
    simplecov-html (0.10.1)
    slackistrano (3.1.0.beta)
      capistrano (>= 3.5.0)
    slop (3.6.0)
    spring (2.0.2)
      activesupport (>= 4.2)
    spring-watcher-listen (2.0.1)
      listen (>= 2.7, < 4.0)
      spring (>= 1.2, < 3.0)
    sprockets (3.7.1)
      concurrent-ruby (~> 1.0)
      rack (> 1, < 3)
    sprockets-es6 (0.9.2)
      babel-source (>= 5.8.11)
      babel-transpiler
      sprockets (>= 3.0.0)
    sprockets-rails (3.2.0)
      actionpack (>= 4.0)
      activesupport (>= 4.0)
      sprockets (>= 3.0.0)
    sshkit (1.13.1)
      net-scp (>= 1.1.2)
      net-ssh (>= 2.8.0)
    stringex (2.7.1)
    thor (0.19.4)
    thread_safe (0.3.6)
    tilt (2.0.7)
    turbolinks (5.0.1)
      turbolinks-source (~> 5)
    turbolinks-source (5.0.3)
    tzinfo (1.2.3)
      thread_safe (~> 0.1)
    uber (0.1.0)
    uglifier (3.2.0)
      execjs (>= 0.3.0, < 3)
    unicorn (5.3.0)
      kgio (~> 2.6)
      raindrops (~> 0.7)
    virtus (1.0.5)
      axiom-types (~> 0.1)
      coercible (~> 1.0)
      descendants_tracker (~> 0.0, >= 0.0.3)
      equalizer (~> 0.0, >= 0.0.9)
    warden (1.2.7)
      rack (>= 1.0)
    web-console (3.5.1)
      actionview (>= 5.0)
      activemodel (>= 5.0)
      bindex (>= 0.4.0)
      railties (>= 5.0)
    webpacker (2.0)
      activesupport (>= 4.2)
      multi_json (~> 1.2)
      railties (>= 4.2)
    websocket-driver (0.6.5)
      websocket-extensions (>= 0.1.0)
    websocket-extensions (0.1.2)
    xpath (2.1.0)
      nokogiri (~> 1.3)

PLATFORMS
  ruby

DEPENDENCIES
  active_model_serializers
  activemodel-serializers-xml
  airbrussh
  aws-sdk (~> 2)
  bcrypt (~> 3.1.7)
  better_errors
  binding_of_caller
  bson_ext
  byebug
  capistrano (~> 3.1)
  capistrano-bundler (~> 1.1.2)
  capistrano-rails (~> 1.1)
  capistrano-rbenv!
  capybara
  capybara-webkit
  coffee-rails
  database_cleaner
  devise
  factory_girl_rails
  faker
  ffaker
  figaro
  foreman
  grape
  grape-active_model_serializers
  grape-entity
  grape-swagger
  grape-swagger-entity
  grape-swagger-rails
  grape-swagger-representable
  hashie (= 3.5.1)
  hashie-forbidden_attributes
  jbuilder (~> 2.5)
  json!
  jwt
  kaminari
  kaminari-actionview
  kaminari-mongoid
  koala
  launchy
  listen (~> 3.0.5)
  meta_request
  mini_racer
  mongoid (~> 6.0.0)
  mongoid-enum!
  mongoid-history
  mongoid-locker
  mongoid-paperclip
  mongoid-slug
  mongoid_rails_migrations
  omniauth-facebook
  open_uri_redirections
  pg (~> 0.18)
  poltergeist
  pry
  pry-nav
  pry-rails
  pry-stack_explorer
  pry-theme
  puma (~> 3.0)
  rack-attack
  rack-cors
  rails!
  rails-assets-bootstrap!
  rails-assets-bootstrap-datepicker!
  rails-assets-bootstrap-datetimepicker!
  rails-assets-fontawesome!
  rails-assets-jquery!
  rails-assets-jquery-ui!
  rails-assets-jquery-ujs!
  rails-assets-moment!
  rails-assets-parsleyjs!
  rails-assets-slick.js!
  rails_12factor
  redis (~> 3.0)
  redis-rails
  rollbar
  rspec-collection_matchers
  rspec-core!
  rspec-expectations!
  rspec-mocks!
  rspec-rails!
  rspec-support!
  sass-rails (~> 5.0)
  shoulda
  shoulda-matchers
  show_for
  sidekiq
  sidekiq-cron
  simple_form
  simplecov
  slackistrano (= 3.1.0.beta)
  spring
  spring-watcher-listen (~> 2.0.0)
  sprockets (~> 3.0)
  sprockets-es6
  turbolinks (~> 5)
  tzinfo-data
  uglifier (>= 1.3.0)
  unicorn
  web-console
  webpacker

RUBY VERSION
   ruby 2.4.1p0

BUNDLED WITH
   1.14.6
