GEM
  remote: https://rubygems.org/
  specs:
    capistrano (2.15.8)
      highline
      net-scp (>= 1.0.0)
      net-sftp (>= 2.0.0)
      net-ssh (>= 2.0.14)
      net-ssh-gateway (>= 1.1.0)
    highline (1.7.8)
    net-scp (1.2.1)
      net-ssh (>= 2.6.5)
    net-sftp (2.1.2)
      net-ssh (>= 2.6.5)
    net-ssh (3.2.0)
    net-ssh-gateway (1.2.0)
      net-ssh (>= 2.6.5)
    open4 (1.3.4)
    recap (1.2.2)
      capistrano (~> 2.9)
      open4
      thor
    thor (0.19.1)

PLATFORMS
  ruby

DEPENDENCIES
  recap

BUNDLED WITH
   1.12.4
